PATH
  remote: .
  specs:
    backup_client (0.1.11)
      archive-tar-minitar
      net-ftp (~> 0.2.0)
      ruby-progressbar
      seven_zip_ruby

GEM
  remote: https://rubygems.org/
  specs:
    archive-tar-minitar (0.12)
      minitar (~> 0.12)
      minitar-cli (~> 0.12)
    ast (2.4.3)
    bcrypt_pbkdf (1.1.1)
    bcrypt_pbkdf (1.1.1-arm64-darwin)
    bcrypt_pbkdf (1.1.1-x86_64-darwin)
    date (3.4.1)
    diff-lcs (1.6.2)
    ed25519 (1.4.0)
    erb (5.0.1)
    hashie (5.0.0)
    io-console (0.8.0)
    irb (1.15.2)
      pp (>= 0.6.0)
      rdoc (>= 4.0.0)
      reline (>= 0.4.2)
    json (2.12.2)
    language_server-protocol (3.17.0.5)
    lint_roller (1.1.0)
    minitar (0.12.1)
    minitar-cli (0.12)
      minitar (~> 0.12.0)
      powerbar (~> 1.0)
    net-ftp (0.2.1)
      net-protocol
      time
    net-protocol (0.2.2)
      timeout
    net-scp (4.1.0)
      net-ssh (>= 2.6.5, < 8.0.0)
    net-ssh (7.3.0)
    parallel (1.27.0)
    parser (3.3.8.0)
      ast (~> 2.4.1)
      racc
    powerbar (1.0.18)
      hashie (>= 1.1.0)
    pp (0.6.2)
      prettyprint
    prettyprint (0.2.0)
    prism (1.4.0)
    psych (5.2.6)
      date
      stringio
    racc (1.8.1)
    rainbow (3.1.1)
    rake (13.3.0)
    rdoc (6.14.1)
      erb
      psych (>= 4.0.0)
    regexp_parser (2.10.0)
    reline (0.6.1)
      io-console (~> 0.5)
    rspec (3.13.1)
      rspec-core (~> 3.13.0)
      rspec-expectations (~> 3.13.0)
      rspec-mocks (~> 3.13.0)
    rspec-core (3.13.4)
      rspec-support (~> 3.13.0)
    rspec-expectations (3.13.5)
      diff-lcs (>= 1.2.0, < 2.0)
      rspec-support (~> 3.13.0)
    rspec-mocks (3.13.5)
      diff-lcs (>= 1.2.0, < 2.0)
      rspec-support (~> 3.13.0)
    rspec-support (3.13.4)
    rubocop (1.76.2)
      json (~> 2.3)
      language_server-protocol (~> 3.17.0.2)
      lint_roller (~> 1.1.0)
      parallel (~> 1.10)
      parser (>= 3.3.0.2)
      rainbow (>= 2.2.2, < 4.0)
      regexp_parser (>= 2.9.3, < 3.0)
      rubocop-ast (>= 1.45.1, < 2.0)
      ruby-progressbar (~> 1.7)
      unicode-display_width (>= 2.4.0, < 4.0)
    rubocop-ast (1.45.1)
      parser (>= 3.3.7.2)
      prism (~> 1.4)
    ruby-progressbar (1.13.0)
    seven_zip_ruby (1.3.0)
    stringio (3.1.7)
    time (0.4.1)
      date
    timeout (0.4.3)
    unicode-display_width (3.1.4)
      unicode-emoji (~> 4.0, >= 4.0.4)
    unicode-emoji (4.0.4)
    zlib (3.2.1)

PLATFORMS
  arm64-darwin
  ruby
  x86_64-darwin

DEPENDENCIES
  archive-tar-minitar (~> 0.12)
  backup_client!
  bcrypt_pbkdf
  ed25519
  irb
  net-scp
  rake (~> 13.0)
  rspec (~> 3.0)
  rubocop (~> 1.21)
  zlib

BUNDLED WITH
   2.6.9
